GIT
  remote: git://github.com/josevalim/inherited_resources.git
  revision: cf9c44845c6af46739978fdca8ed06ea840d01a1
  specs:
    inherited_resources (1.4.1)
      has_scope (~> 0.6.0.rc)
      responders (~> 1.0.0.rc)

GIT
  remote: git://github.com/plataformatec/devise.git
  revision: 69d28f9b0e8150aaec9f3175ddd8d1a20af0633a
  specs:
    devise (3.1.0)
      bcrypt-ruby (~> 3.0)
      orm_adapter (~> 0.1)
      railties (>= 3.2.6, < 5)
      thread_safe (~> 0.1)
      warden (~> 1.2.3)

GIT
  remote: git://github.com/plataformatec/has_scope.git
  revision: 0e0054732d8c00362c130780730d3902f4375af4
  specs:
    has_scope (0.6.0.rc)
      actionpack (>= 3.2, < 5)
      activesupport (>= 3.2, < 5)

GIT
  remote: git://github.com/plataformatec/simple_form.git
  revision: b5ae13112ccd6b2ec12a3c5190bc6264c993b42d
  specs:
    simple_form (3.0.0)
      actionpack (>= 4.0.0, < 4.1)
      activemodel (>= 4.0.0, < 4.1)

GIT
  remote: git://github.com/rails-api/active_model_serializers.git
  revision: ebe3afe7163cd46045a4d992ca22576042e53dfb
  specs:
    active_model_serializers (0.9.0.pre)
      activemodel (>= 3.2)

GIT
  remote: git://github.com/rails/coffee-rails.git
  revision: 471ae515b57d484d494eba7e0a1f1016ebcc57e4
  specs:
    coffee-rails (4.0.1)
      coffee-script (>= 2.2.0)
      railties (>= 4.0.0, < 5.0)

GIT
  remote: git://github.com/rails/sass-rails.git
  revision: debabfce664370f18e5ed6e6ae2fb3772883a284
  specs:
    sass-rails (4.0.1)
      railties (>= 4.0.0, < 5.0)
      sass (>= 3.1.10)
      sprockets-rails (~> 2.0.0)

GIT
  remote: git@github.com:knusul/data.git
  revision: c15b8f80a473f8c7c3183d7796a37b353265f50b
  specs:
    ember-data-source (1.0.0.beta.4.canary)
      ember-source

GIT
  remote: git@github.com:knusul/ember.js.git
  revision: 2c836800728067203b57fa2cd4b29c38308cb02d
  specs:
    ember-source (1.3.0.beta.1.canary)
      handlebars-source (= 1.0.12)

GIT
  remote: git@github.com:thoughtbot/capybara-webkit.git
  revision: e3a5dfdd4d081f8fbd8c3ee11cbc86d00b4e1a16
  specs:
    capybara-webkit (1.0.0)
      capybara (~> 2.0, >= 2.0.2)
      json

GIT
  remote: https://github.com/bradphelan/jasminerice.git
  revision: 091349c27343bfa728b8e5745675f9ddbb7d9699
  specs:
    jasminerice (0.1.0)
      coffee-rails

GIT
  remote: https://github.com/emberjs/ember-rails.git
  revision: e152b0790cb86b87b17265db2c99f222d8942df9
  specs:
    ember-rails (0.13.0)
      active_model_serializers
      barber (>= 0.4.1)
      ember-data-source
      ember-source
      execjs (>= 1.2)
      handlebars-source
      railties (>= 3.1)

GEM
  remote: https://rubygems.org/
  specs:
    actionmailer (4.0.1.rc3)
      actionpack (= 4.0.1.rc3)
      mail (~> 2.5.4)
    actionpack (4.0.1.rc3)
      activesupport (= 4.0.1.rc3)
      builder (~> 3.1.0)
      erubis (~> 2.7.0)
      rack (~> 1.5.2)
      rack-test (~> 0.6.2)
    activemodel (4.0.1.rc3)
      activesupport (= 4.0.1.rc3)
      builder (~> 3.1.0)
    activerecord (4.0.1.rc3)
      activemodel (= 4.0.1.rc3)
      activerecord-deprecated_finders (~> 1.0.2)
      activesupport (= 4.0.1.rc3)
      arel (~> 4.0.0)
    activerecord-deprecated_finders (1.0.3)
    activesupport (4.0.1.rc3)
      i18n (~> 0.6, >= 0.6.4)
      minitest (~> 4.2)
      multi_json (~> 1.3)
      thread_safe (~> 0.1)
      tzinfo (~> 0.3.37)
    addressable (2.3.5)
    arel (4.0.1)
    atomic (1.1.14)
    barber (0.4.2)
      ember-source
      execjs
      handlebars-source
    bcrypt-ruby (3.1.2)
    better_errors (1.0.1)
      coderay (>= 1.0.0)
      erubis (>= 2.6.6)
    builder (3.1.4)
    capistrano (2.15.5)
      highline
      net-scp (>= 1.0.0)
      net-sftp (>= 2.0.0)
      net-ssh (>= 2.0.14)
      net-ssh-gateway (>= 1.1.0)
    capistrano-ext (1.2.1)
      capistrano (>= 1.0.0)
    capybara (2.1.0)
      mime-types (>= 1.16)
      nokogiri (>= 1.3.3)
      rack (>= 1.0.0)
      rack-test (>= 0.5.4)
      xpath (~> 2.0)
    carrierwave (0.9.0)
      activemodel (>= 3.2.0)
      activesupport (>= 3.2.0)
      json (>= 1.7)
    celluloid (0.15.2)
      timers (~> 1.1.0)
    childprocess (0.3.9)
      ffi (~> 1.0, >= 1.0.11)
    cliver (0.2.2)
    coderay (1.0.9)
    coffee-script (2.2.0)
      coffee-script-source
      execjs
    coffee-script-source (1.6.3)
    commonjs (0.2.7)
    database_cleaner (1.2.0)
    diff-lcs (1.2.4)
    erubis (2.7.0)
    execjs (2.0.2)
    factory_girl (4.2.0)
      activesupport (>= 3.0.0)
    factory_girl_rails (4.2.1)
      factory_girl (~> 4.2.0)
      railties (>= 3.0.0)
    ffi (1.9.0)
    formatador (0.2.4)
    guard (2.2.2)
      formatador (>= 0.2.4)
      listen (~> 2.1)
      lumberjack (~> 1.0)
      pry (>= 0.9.12)
      thor (>= 0.18.1)
    guard-jasmine (1.18.3)
      childprocess
      guard (>= 1.1.0)
      multi_json
      thor
      tilt
    guard-rspec (4.0.3)
      guard (>= 2.1.1)
      rspec (~> 2.14)
    handlebars-source (1.0.12)
    highline (1.6.20)
    hike (1.2.3)
    i18n (0.6.5)
    jquery-rails (2.2.1)
      railties (>= 3.0, < 5.0)
      thor (>= 0.14, < 2.0)
    json (1.8.1)
    launchy (2.3.0)
      addressable (~> 2.3)
    less (2.4.0)
      commonjs (~> 0.2.7)
    less-rails (2.4.2)
      actionpack (>= 3.1)
      less (~> 2.4.0)
    letter_opener (1.1.2)
      launchy (~> 2.2)
    libv8 (3.16.14.3)
    listen (2.1.2)
      celluloid (>= 0.15.2)
      rb-fsevent (>= 0.9.3)
      rb-inotify (>= 0.9)
    lumberjack (1.0.4)
    mail (2.5.4)
      mime-types (~> 1.16)
      treetop (~> 1.4.8)
    method_source (0.8.2)
    mime-types (1.25)
    mini_portile (0.5.2)
    minitest (4.7.5)
    multi_json (1.8.2)
    net-scp (1.1.2)
      net-ssh (>= 2.6.5)
    net-sftp (2.1.2)
      net-ssh (>= 2.6.5)
    net-ssh (2.7.0)
    net-ssh-gateway (1.2.0)
      net-ssh (>= 2.6.5)
    nokogiri (1.6.0)
      mini_portile (~> 0.5.0)
    non-stupid-digest-assets (1.0.0)
    orm_adapter (0.4.0)
    pdfkit (0.5.4)
    pg (0.17.0)
    phantomjs (1.8.1.1)
      poltergeist
    poltergeist (1.4.1)
      capybara (~> 2.1.0)
      cliver (~> 0.2.1)
      multi_json (~> 1.0)
      websocket-driver (>= 0.2.0)
    polyglot (0.3.3)
    pry (0.9.12.2)
      coderay (~> 1.0.5)
      method_source (~> 0.8)
      slop (~> 3.4)
    pry-nav (0.2.3)
      pry (~> 0.9.10)
    pry-rails (0.3.2)
      pry (>= 0.9.10)
    quiet_assets (1.0.2)
      railties (>= 3.1, < 5.0)
    rack (1.5.2)
    rack-test (0.6.2)
      rack (>= 1.0)
    rails (4.0.1.rc3)
      actionmailer (= 4.0.1.rc3)
      actionpack (= 4.0.1.rc3)
      activerecord (= 4.0.1.rc3)
      activesupport (= 4.0.1.rc3)
      bundler (>= 1.3.0, < 2.0)
      railties (= 4.0.1.rc3)
      sprockets-rails (~> 2.0.0)
    railties (4.0.1.rc3)
      actionpack (= 4.0.1.rc3)
      activesupport (= 4.0.1.rc3)
      rake (>= 0.8.7)
      thor (>= 0.18.1, < 2.0)
    rake (10.1.0)
    rb-fsevent (0.9.3)
    rb-inotify (0.9.2)
      ffi (>= 0.5.0)
    ref (1.0.5)
    responders (1.0.0)
      railties (>= 3.2, < 5)
    rmagick (2.13.2)
    rspec (2.14.1)
      rspec-core (~> 2.14.0)
      rspec-expectations (~> 2.14.0)
      rspec-mocks (~> 2.14.0)
    rspec-core (2.14.6)
    rspec-expectations (2.14.3)
      diff-lcs (>= 1.1.3, < 2.0)
    rspec-mocks (2.14.4)
    rspec-rails (2.14.0)
      actionpack (>= 3.0)
      activesupport (>= 3.0)
      railties (>= 3.0)
      rspec-core (~> 2.14.0)
      rspec-expectations (~> 2.14.0)
      rspec-mocks (~> 2.14.0)
    rubyzip (1.0.0)
    rvm-capistrano (1.5.1)
      capistrano (~> 2.15.4)
    sass (3.2.12)
    selenium-webdriver (2.37.0)
      childprocess (>= 0.2.5)
      multi_json (~> 1.0)
      rubyzip (~> 1.0.0)
      websocket (~> 1.0.4)
    slop (3.4.6)
    sprockets (2.10.0)
      hike (~> 1.2)
      multi_json (~> 1.0)
      rack (~> 1.0)
      tilt (~> 1.1, != 1.3.0)
    sprockets-rails (2.0.1)
      actionpack (>= 3.0)
      activesupport (>= 3.0)
      sprockets (~> 2.8)
    therubyracer (0.12.0)
      libv8 (~> 3.16.14.0)
      ref
    thor (0.18.1)
    thread_safe (0.1.3)
      atomic
    tilt (1.4.1)
    timers (1.1.0)
    treetop (1.4.15)
      polyglot
      polyglot (>= 0.3.1)
    twitter-bootstrap-rails (2.2.8)
      actionpack (>= 3.1)
      execjs
      rails (>= 3.1)
      railties (>= 3.1)
    tzinfo (0.3.38)
    uglifier (2.3.0)
      execjs (>= 0.3.0)
      json (>= 1.8.0)
    warden (1.2.3)
      rack (>= 1.0)
    websocket (1.0.7)
    websocket-driver (0.3.0)
    xpath (2.0.0)
      nokogiri (~> 1.3)

PLATFORMS
  ruby

DEPENDENCIES
  active_model_serializers!
  better_errors
  capistrano
  capistrano-ext
  capybara
  capybara-webkit!
  carrierwave
  coffee-rails!
  database_cleaner
  devise!
  ember-data-source!
  ember-rails!
  ember-source!
  factory_girl_rails
  guard-jasmine
  guard-rspec
  has_scope!
  inherited_resources!
  jasminerice!
  jquery-rails (= 2.2.1)
  less-rails
  letter_opener
  non-stupid-digest-assets
  pdfkit
  pg
  phantomjs
  poltergeist
  pry
  pry-nav
  pry-rails
  quiet_assets (~> 1.0.1)
  rails (= 4.0.1rc3)
  rmagick
  rspec-rails
  rvm-capistrano
  sass-rails!
  selenium-webdriver
  simple_form!
  therubyracer
  twitter-bootstrap-rails
  uglifier (>= 1.0.3)
